GEM
  remote: https://rubygems.org/
  specs:
    actioncable (5.1.5)
      actionpack (= 5.1.5)
      nio4r (~> 2.0)
      websocket-driver (~> 0.6.1)
    actionmailer (5.1.5)
      actionpack (= 5.1.5)
      actionview (= 5.1.5)
      activejob (= 5.1.5)
      mail (~> 2.5, >= 2.5.4)
      rails-dom-testing (~> 2.0)
    actionpack (5.1.5)
      actionview (= 5.1.5)
      activesupport (= 5.1.5)
      rack (~> 2.0)
      rack-test (>= 0.6.3)
      rails-dom-testing (~> 2.0)
      rails-html-sanitizer (~> 1.0, >= 1.0.2)
    actionview (5.1.5)
      activesupport (= 5.1.5)
      builder (~> 3.1)
      erubi (~> 1.4)
      rails-dom-testing (~> 2.0)
      rails-html-sanitizer (~> 1.0, >= 1.0.3)
    activejob (5.1.5)
      activesupport (= 5.1.5)
      globalid (>= 0.3.6)
    activemodel (5.1.5)
      activesupport (= 5.1.5)
    activerecord (5.1.5)
      activemodel (= 5.1.5)
      activesupport (= 5.1.5)
      arel (~> 8.0)
    activerecord-import (0.15.0)
      activerecord (>= 3.2)
    activesupport (5.1.5)
      concurrent-ruby (~> 1.0, >= 1.0.2)
      i18n (~> 0.7)
      minitest (~> 5.1)
      tzinfo (~> 1.1)
    addressable (2.5.2)
      public_suffix (>= 2.0.2, < 4.0)
    arel (8.0.0)
    autoprefixer-rails (8.1.0)
      execjs
    backtrack-xpath (0.1.8)
    benchmark-ips (2.7.2)
    bindex (0.5.0)
    bootstrap (4.0.0)
      autoprefixer-rails (>= 6.0.3)
      popper_js (>= 1.12.9, < 2)
      sass (>= 3.5.2)
    builder (3.2.3)
    byebug (10.0.0)
    capybara (2.18.0)
      addressable
      mini_mime (>= 0.1.3)
      nokogiri (>= 1.3.3)
      rack (>= 1.0.0)
      rack-test (>= 0.5.4)
      xpath (>= 2.0, < 4.0)
    childprocess (0.8.0)
      ffi (~> 1.0, >= 1.0.11)
    coffee-rails (4.2.2)
      coffee-script (>= 2.2.0)
      railties (>= 4.0.0)
    coffee-script (2.4.1)
      coffee-script-source
      execjs
    coffee-script-source (1.12.2)
    concurrent-ruby (1.0.5)
    crass (1.0.3)
    derailed (0.1.0)
      derailed_benchmarks
    derailed_benchmarks (1.3.3)
      benchmark-ips (~> 2)
      get_process_mem (~> 0)
      heapy (~> 0)
      memory_profiler (~> 0)
      rack (>= 1)
      rake (> 10, < 13)
      thor (~> 0.19)
    devicon-rails (1.0.0)
    dino (0.11.2)
      serialport
    domain_name (0.5.20170404)
      unf (>= 0.0.5, < 1.0.0)
    dotenv (2.2.1)
    dotenv-rails (2.2.1)
      dotenv (= 2.2.1)
      railties (>= 3.2, < 5.2)
    drb_fileclient (0.1.1)
    dynarex (1.7.29)
      dynarex-import (~> 0.2, >= 0.2.2)
      dynarex-xslt (~> 0.1, >= 0.1.7)
      kvx (~> 0.6, >= 0.6.4)
      recordx (~> 0.5, >= 0.5.1)
      rexle-builder (~> 0.3, >= 0.3.7)
      rexslt (~> 0.6, >= 0.6.11)
      rowx (~> 0.6, >= 0.6.0)
      rxraw-lineparser (~> 0.2, >= 0.2.0)
      table-formatter (~> 0.4, >= 0.4.5)
    dynarex-import (0.2.2)
      rexslt
    dynarex-xslt (0.1.7)
    em-proxy (0.1.9)
      eventmachine
    erubi (1.7.1)
    et-orbi (1.0.9)
      tzinfo
    eventmachine (1.2.5)
    execjs (2.7.0)
    faraday (0.14.0)
      multipart-post (>= 1.2, < 3)
    ffi (1.9.23)
    figaro (1.1.1)
      thor (~> 0.14)
    font-awesome-rails (4.7.0.3)
      railties (>= 3.2, < 5.2)
    font-awesome-sass (5.0.6.2)
      sass (>= 3.2)
    foreman (0.82.0)
      thor (~> 0.19.1)
    get_process_mem (0.2.1)
    globalid (0.4.1)
      activesupport (>= 4.2.0)
    gpd-request (0.3.0)
    hashie (3.5.7)
    heapy (0.1.3)
    heroku-forward (0.4.0)
      em-proxy (>= 0.1.8)
      ffi
      i18n (~> 0.6)
      spoon (~> 0.0.1)
    http (2.2.2)
      addressable (~> 2.3)
      http-cookie (~> 1.0)
      http-form_data (~> 1.0.1)
      http_parser.rb (~> 0.6.0)
    http-cookie (1.0.3)
      domain_name (~> 0.5)
    http-form_data (1.0.3)
    http_parser.rb (0.6.0)
    i18n (0.9.5)
      concurrent-ruby (~> 1.0)
    indicators (1.0.3)
      rails
    jbuilder (2.7.0)
      activesupport (>= 4.2.0)
      multi_json (>= 1.2)
    jquery-rails (4.3.1)
      rails-dom-testing (>= 1, < 3)
      railties (>= 4.2.0)
      thor (>= 0.14, < 2.0)
    json (1.8.6)
    jsonpath (0.5.8)
      multi_json
    kvx (0.6.4)
      line-tree (~> 0.5, >= 0.5.8)
      rxfhelper (~> 0.4, >= 0.4.2)
    line-tree (0.6.4)
      rexle (~> 1.4, >= 1.4.12)
    listen (3.1.5)
      rb-fsevent (~> 0.9, >= 0.9.4)
      rb-inotify (~> 0.9, >= 0.9.7)
      ruby_dep (~> 1.2)
    logger (1.2.8)
    loofah (2.2.0)
      crass (~> 1.0.2)
      nokogiri (>= 1.5.9)
    mail (2.7.0)
      mini_mime (>= 0.1.1)
    mechanize (2.7.5)
      domain_name (~> 0.5, >= 0.5.1)
      http-cookie (~> 1.0)
      mime-types (>= 1.17.2)
      net-http-digest_auth (~> 1.1, >= 1.1.1)
      net-http-persistent (~> 2.5, >= 2.5.2)
      nokogiri (~> 1.6)
      ntlm-http (~> 0.1, >= 0.1.1)
      webrobots (>= 0.0.9, < 0.2)
    memory_profiler (0.9.10)
    method_source (0.9.0)
    mime-types (3.1)
      mime-types-data (~> 3.2015)
    mime-types-data (3.2016.0521)
    mini_mime (1.0.0)
    mini_portile2 (2.3.0)
    minitest (5.11.3)
    mono_logger (1.1.0)
    multi_json (1.13.1)
    multipart-post (2.0.0)
    mustermann (1.0.2)
    net-http-digest_auth (1.4.1)
    net-http-persistent (2.9.4)
    netrc (0.11.0)
    nio4r (2.2.0)
    nokogiri (1.8.2)
      mini_portile2 (~> 2.3.0)
    ntlm-http (0.1.1)
    omniauth (1.8.1)
      hashie (>= 3.4.6, < 3.6.0)
      rack (>= 1.6.2, < 3)
    optparse-simple (0.4.5)
      polyrex (~> 1.0, >= 1.0.3)
      table-formatter (~> 0.1, >= 0.1.13)
    pg (0.21.0)
    poloniex (1.0.0)
      addressable
      rest-client
    poloniex_ruby (0.1.0)
      addressable (~> 2.5)
      rest-client (~> 2.0)
    polyrex (1.1.12)
      dynarex (~> 1.7, >= 1.7.14)
      polyrex-createobject (~> 0.6, >= 0.6.0)
      polyrex-object-methods (~> 0.2, >= 0.2.2)
      polyrex-objects (~> 0.9, >= 0.9.2)
      polyrex-schema (~> 0.4, >= 0.4.2)
      recordx-xslt (~> 0.1, >= 0.1.4)
    polyrex-createobject (0.6.1)
      polyrex-schema (~> 0.4, >= 0.4.2)
    polyrex-object-methods (0.2.2)
    polyrex-objects (0.9.8)
      polyrex-createobject (~> 0.6, >= 0.6.0)
    polyrex-schema (0.4.2)
      rexle (~> 1.3, >= 1.3.30)
    popper_js (1.12.9)
    public_suffix (3.0.2)
    puma (3.11.3)
    rack (2.0.4)
    rack-protection (2.0.1)
      rack
    rack-test (0.8.3)
      rack (>= 1.0, < 3)
    rails (5.1.5)
      actioncable (= 5.1.5)
      actionmailer (= 5.1.5)
      actionpack (= 5.1.5)
      actionview (= 5.1.5)
      activejob (= 5.1.5)
      activemodel (= 5.1.5)
      activerecord (= 5.1.5)
      activesupport (= 5.1.5)
      bundler (>= 1.3.0)
      railties (= 5.1.5)
      sprockets-rails (>= 2.0.0)
    rails-dom-testing (2.0.3)
      activesupport (>= 4.2.0)
      nokogiri (>= 1.6)
    rails-html-sanitizer (1.0.3)
      loofah (~> 2.0)
    rails_12factor (0.0.3)
      rails_serve_static_assets
      rails_stdout_logging
    rails_serve_static_assets (0.0.5)
    rails_stdout_logging (0.0.5)
    railties (5.1.5)
      actionpack (= 5.1.5)
      activesupport (= 5.1.5)
      method_source
      rake (>= 0.8.7)
      thor (>= 0.18.1, < 2.0)
    rake (12.3.0)
    randumb (0.5.2)
      activerecord (>= 3.0.20)
      activesupport (>= 3.0.20)
      rake
    rb-fsevent (0.10.3)
    rb-inotify (0.9.10)
      ffi (>= 0.5.0, < 2)
    rdiscount (2.2.0.1)
    recordx (0.5.1)
      rexle (~> 1.3, >= 1.3.36)
    recordx-xslt (0.1.6)
    redis (4.0.1)
    redis-namespace (1.6.0)
      redis (>= 3.0.4)
    responders (2.4.0)
      actionpack (>= 4.2.0, < 5.3)
      railties (>= 4.2.0, < 5.3)
    resque (1.27.4)
      mono_logger (~> 1.0)
      multi_json (~> 1.0)
      redis-namespace (~> 1.3)
      sinatra (>= 0.9.2)
      vegas (~> 0.1.2)
    rest-client (2.0.2)
      http-cookie (>= 1.0.2, < 2.0)
      mime-types (>= 1.16, < 4.0)
      netrc (~> 0.8)
    rexle (1.4.12)
      backtrack-xpath (~> 0.1, >= 0.1.8)
      rexle-builder (~> 0.3, >= 0.3.0)
      rexle-css (~> 0.1, >= 0.1.5)
      rexleparser (~> 0.8, >= 0.8.1)
    rexle-builder (0.3.7)
    rexle-css (0.1.6)
    rexleparser (0.8.1)
    rexslt (0.6.11)
      rexle (~> 1.4, >= 1.4.12)
      rxfhelper (~> 0.4, >= 0.4.3)
    rinruby (2.0.3)
    rootapp-rinruby (3.2.0)
    rowx (0.6.0)
      line-tree (~> 0.5, >= 0.5.8)
    ruby_dep (1.5.0)
    rubyzip (1.2.1)
    rufus-scheduler (3.4.2)
      et-orbi (~> 1.0)
    rxfhelper (0.5.0)
      drb_fileclient (~> 0.1, >= 0.1.0)
      gpd-request (~> 0.3, >= 0.3.0)
    rxraw-lineparser (0.2.0)
    sass (3.5.5)
      sass-listen (~> 4.0.0)
    sass-listen (4.0.0)
      rb-fsevent (~> 0.9, >= 0.9.4)
      rb-inotify (~> 0.9, >= 0.9.7)
    sass-rails (5.0.7)
      railties (>= 4.0.0, < 6)
      sass (~> 3.1)
      sprockets (>= 2.8, < 4.0)
      sprockets-rails (>= 2.0, < 4.0)
      tilt (>= 1.1, < 3)
    scout_apm (2.4.9)
    securities (2.0.1)
      nokogiri
      rails
    selenium-webdriver (3.10.0)
      childprocess (~> 0.5)
      rubyzip (~> 1.2)
    serialport (1.3.1)
    sinatra (2.0.1)
      mustermann (~> 1.0)
      rack (~> 2.0)
      rack-protection (= 2.0.1)
      tilt (~> 2.0)
    spoon (0.0.6)
      ffi
    spring (2.0.2)
      activesupport (>= 4.2)
    spring-watcher-listen (2.0.1)
      listen (>= 2.7, < 4.0)
      spring (>= 1.2, < 3.0)
    sprockets (3.7.1)
      concurrent-ruby (~> 1.0)
      rack (> 1, < 3)
    sprockets-rails (3.2.1)
      actionpack (>= 4.0)
      activesupport (>= 4.0)
      sprockets (>= 3.0.0)
    table-formatter (0.5.0)
      rdiscount (~> 2.2, >= 2.2.0.1)
    thor (0.19.4)
    thread_safe (0.3.6)
    tilt (2.0.8)
    turbolinks (5.1.0)
      turbolinks-source (~> 5.1)
    turbolinks-source (5.1.0)
    tzinfo (1.2.5)
      thread_safe (~> 0.1)
    tzinfo-data (1.2018.3)
      tzinfo (>= 1.0.0)
    uglifier (4.1.6)
      execjs (>= 0.3.0, < 3)
    unf (0.1.4)
      unf_ext
    unf_ext (0.0.7.5)
    vegas (0.1.11)
      rack (>= 1.0.0)
    web-console (3.5.1)
      actionview (>= 5.0)
      activemodel (>= 5.0)
      bindex (>= 0.4.0)
      railties (>= 5.0)
    webrobots (0.1.2)
    websocket-driver (0.6.5)
      websocket-extensions (>= 0.1.0)
    websocket-extensions (0.1.3)
    xpath (3.0.0)
      nokogiri (~> 1.8)
    yaml_db (0.6.0)
      rails (>= 3.0, < 5.2)
      rake (>= 0.8.7)

PLATFORMS
  ruby

DEPENDENCIES
  activerecord-import (~> 0.15.0)
  bootstrap
  byebug
  capybara (~> 2.13)
  coffee-rails (~> 4.2)
  derailed
  devicon-rails
  dino (~> 0.11.2)
  dotenv-rails
  em-proxy (~> 0.1.9)
  faraday
  figaro
  font-awesome-rails
  font-awesome-sass
  foreman (~> 0.82.0)
  heroku-forward
  http (~> 2.1)
  indicators (~> 1.0, >= 1.0.3)
  jbuilder (~> 2.5)
  jquery-rails
  json (~> 1.8, >= 1.8.3)
  jsonpath (~> 0.5.8)
  listen (>= 3.0.5, < 3.2)
  logger (~> 1.2, >= 1.2.8)
  mechanize (~> 2.7, >= 2.7.5)
  multi_json
  omniauth (~> 1.7, >= 1.7.1)
  optparse-simple (~> 0.4.5)
  pg (~> 0.20)
  poloniex
  poloniex_ruby
  puma (~> 3.10)
  rails (~> 5.1.4)
  rails_12factor
  rake
  randumb
  responders
  resque
  rinruby (~> 2.0, >= 2.0.3)
  rootapp-rinruby (~> 3.1)
  rufus-scheduler (~> 3.4, >= 3.4.2)
  sass-rails (~> 5.0)
  scout_apm
  securities (~> 2.0, >= 2.0.1)
  selenium-webdriver
  spring
  spring-watcher-listen (~> 2.0.0)
  turbolinks (~> 5)
  tzinfo-data
  uglifier (>= 1.3.0)
  web-console (>= 3.3.0)
  yaml_db (~> 0.6.0)

RUBY VERSION
   ruby 2.4.1p111

BUNDLED WITH
   1.16.1
